GIT
  remote: git://github.com/airblade/paper_trail.git
  revision: c441a5de2d61042126bb042c3c18012fca3af32b
  branch: rails4
  specs:
    paper_trail (2.7.2)
      activerecord (~> 4.0)
      railties (~> 4.0)

GIT
  remote: git://github.com/mislav/will_paginate.git
  revision: 4cb4986d5ce05aa84572b05cfd1c1d0aa9bc07df
  specs:
    will_paginate (3.0.4)

GEM
  remote: https://rubygems.org/
  specs:
    Ascii85 (1.0.2)
    RedCloth (4.2.9)
    actionmailer (4.0.0)
      actionpack (= 4.0.0)
      mail (~> 2.5.3)
    actionpack (4.0.0)
      activesupport (= 4.0.0)
      builder (~> 3.1.0)
      erubis (~> 2.7.0)
      rack (~> 1.5.2)
      rack-test (~> 0.6.2)
    activemodel (4.0.0)
      activesupport (= 4.0.0)
      builder (~> 3.1.0)
    activerecord (4.0.0)
      activemodel (= 4.0.0)
      activerecord-deprecated_finders (~> 1.0.2)
      activesupport (= 4.0.0)
      arel (~> 4.0.0)
    activerecord-deprecated_finders (1.0.3)
    activesupport (4.0.0)
      i18n (~> 0.6, >= 0.6.4)
      minitest (~> 4.2)
      multi_json (~> 1.3)
      thread_safe (~> 0.1)
      tzinfo (~> 0.3.37)
    afm (0.2.0)
    ansi (1.4.3)
    arel (4.0.0)
    atomic (1.1.14)
    authlogic (3.3.0)
      activerecord (>= 3.2)
      activesupport (>= 3.2)
    awesome_nested_set (3.0.0.rc.1)
      activerecord (~> 4.0.0)
    barby (0.5.1)
    builder (3.1.4)
    capistrano (2.15.5)
      highline
      net-scp (>= 1.0.0)
      net-sftp (>= 2.0.0)
      net-ssh (>= 2.0.14)
      net-ssh-gateway (>= 1.1.0)
    capybara (2.1.0)
      mime-types (>= 1.16)
      nokogiri (>= 1.3.3)
      rack (>= 1.0.0)
      rack-test (>= 0.5.4)
      xpath (~> 2.0)
    carrierwave (0.9.0)
      activemodel (>= 3.2.0)
      activesupport (>= 3.2.0)
      json (>= 1.7)
    childprocess (0.3.9)
      ffi (~> 1.0, >= 1.0.11)
    chronic (0.10.2)
    chunky_png (1.2.8)
    coffee-rails (4.0.0)
      coffee-script (>= 2.2.0)
      railties (>= 4.0.0.beta, < 5.0)
    coffee-script (2.2.0)
      coffee-script-source
      execjs
    coffee-script-source (1.6.3)
    coveralls (0.6.9)
      multi_json (~> 1.3)
      rest-client
      simplecov (>= 0.7)
      term-ansicolor
      thor
    cups (0.1.7)
    daemons (1.1.9)
    dalli (2.6.4)
    database_cleaner (1.1.1)
    erubis (2.7.0)
    eventmachine (1.0.3)
    execjs (2.0.1)
    ffi (1.9.0)
    foreigner (1.5.0)
      activerecord (>= 3.0.0)
    hashery (2.1.1)
    highline (1.6.19)
    hike (1.2.3)
    i18n (0.6.5)
    jquery-fileupload-rails (0.4.1)
      actionpack (>= 3.1)
      railties (>= 3.1)
    jquery-rails (3.0.4)
      railties (>= 3.0, < 5.0)
      thor (>= 0.14, < 2.0)
    jquery-ui-rails (4.0.4)
      jquery-rails
      railties (>= 3.1.0)
    json (1.8.0)
    mail (2.5.4)
      mime-types (~> 1.16)
      treetop (~> 1.4.8)
    memcache-client (1.8.5)
    mime-types (1.25)
    mini_portile (0.5.1)
    minitest (4.7.5)
    multi_json (1.8.0)
    net-scp (1.1.2)
      net-ssh (>= 2.6.5)
    net-sftp (2.1.2)
      net-ssh (>= 2.6.5)
    net-ssh (2.7.0)
    net-ssh-gateway (1.2.0)
      net-ssh (>= 2.6.5)
    newrelic_rpm (3.6.7.152)
    nokogiri (1.6.0)
      mini_portile (~> 0.5.0)
    pdf-reader (1.3.3)
      Ascii85 (~> 1.0.0)
      afm (~> 0.2.0)
      hashery (~> 2.0)
      ruby-rc4
      ttfunk
    pg (0.17.0)
    polyglot (0.3.3)
    rack (1.5.2)
    rack-test (0.6.2)
      rack (>= 1.0)
    rails (4.0.0)
      actionmailer (= 4.0.0)
      actionpack (= 4.0.0)
      activerecord (= 4.0.0)
      activesupport (= 4.0.0)
      bundler (>= 1.3.0, < 2.0)
      railties (= 4.0.0)
      sprockets-rails (~> 2.0.0)
    railties (4.0.0)
      actionpack (= 4.0.0)
      activesupport (= 4.0.0)
      rake (>= 0.8.7)
      thor (>= 0.18.1, < 2.0)
    rake (10.1.0)
    rest-client (1.6.7)
      mime-types (>= 1.16)
    rghost (0.9.3)
    rmagick (2.13.2)
    rqrcode (0.4.2)
    ruby-rc4 (0.1.5)
    rubyzip (0.9.9)
    sass (3.2.10)
    sass-rails (4.0.0)
      railties (>= 4.0.0.beta, < 5.0)
      sass (>= 3.1.10)
      sprockets-rails (~> 2.0.0)
    selenium-webdriver (2.35.1)
      childprocess (>= 0.2.5)
      multi_json (~> 1.0)
      rubyzip (< 1.0.0)
      websocket (~> 1.0.4)
    simple_form (3.0.0.rc)
      actionpack (>= 4.0.0.rc1, < 4.1)
      activemodel (>= 4.0.0.rc1, < 4.1)
    simplecov (0.7.1)
      multi_json (~> 1.0)
      simplecov-html (~> 0.7.1)
    simplecov-html (0.7.1)
    sprockets (2.10.0)
      hike (~> 1.2)
      multi_json (~> 1.0)
      rack (~> 1.0)
      tilt (~> 1.1, != 1.3.0)
    sprockets-rails (2.0.0)
      actionpack (>= 3.0)
      activesupport (>= 3.0)
      sprockets (~> 2.8)
    term-ansicolor (1.2.2)
      tins (~> 0.8)
    thin (1.5.1)
      daemons (>= 1.0.9)
      eventmachine (>= 0.12.6)
      rack (>= 1.0.0)
    thor (0.18.1)
    thread_safe (0.1.3)
      atomic
    tilt (1.4.1)
    timeliness (0.3.7)
    tins (0.9.0)
    treetop (1.4.15)
      polyglot
      polyglot (>= 0.3.1)
    ttfunk (1.0.3)
    turbolinks (1.3.0)
      coffee-rails
    turn (0.9.6)
      ansi
    tzinfo (0.3.37)
    uglifier (2.2.1)
      execjs (>= 0.3.0)
      multi_json (~> 1.0, >= 1.0.2)
    validates_timeliness (3.0.14)
      timeliness (~> 0.3.6)
    websocket (1.0.7)
    whenever (0.8.4)
      activesupport (>= 2.3.4)
      chronic (>= 0.6.3)
    xpath (2.0.0)
      nokogiri (~> 1.3)

PLATFORMS
  ruby

DEPENDENCIES
  RedCloth
  authlogic
  awesome_nested_set (~> 3.0.0.rc.1)
  barby
  capistrano
  capybara
  carrierwave
  chunky_png
  coffee-rails
  coveralls
  cups
  dalli
  database_cleaner
  foreigner
  jquery-fileupload-rails
  jquery-rails
  jquery-ui-rails
  memcache-client
  newrelic_rpm
  paper_trail!
  pdf-reader
  pg
  rails (= 4.0.0)
  rghost
  rmagick
  rqrcode
  sass-rails
  selenium-webdriver
  simple_form (~> 3.0.0.rc)
  thin
  turbolinks
  turn
  uglifier
  validates_timeliness
  whenever
  will_paginate!
